GEM
  remote: https://rubygems.org/
  specs:
    hiredis (0.5.1)
    puma (2.8.1)
      rack (>= 1.1, < 2.0)
    rack (1.5.2)
    rack-protection (1.5.2)
      rack
    redis (3.0.7)
    redis-namespace (1.4.1)
      redis (~> 3.0.4)
    sinatra (1.4.4)
      rack (~> 1.4)
      rack-protection (~> 1.4)
      tilt (~> 1.3, >= 1.3.4)
    tilt (1.4.1)

PLATFORMS
  ruby

DEPENDENCIES
  hiredis
  puma
  redis
  redis-namespace
  sinatra
